PATH
  remote: .
  specs:
    hairless_furever (0.1.0)
      nokogiri

GEM
  remote: https://rubygems.org/
  specs:
    coderay (1.1.3)
    method_source (1.0.0)
    nokogiri (1.11.7-x86_64-darwin)
      racc (~> 1.4)
    pry (0.14.1)
      coderay (~> 1.1)
      method_source (~> 1.0)
    racc (1.5.2)
    rake (13.0.3)

PLATFORMS
  x86_64-darwin-19

DEPENDENCIES
  bundler
  hairless_furever!
  pry
  rake (~> 13.0)

BUNDLED WITH
   2.2.17
